GEM
  remote: https://rubygems.org/
  specs:
    nokogiri (1.5.9)
    nokogiri (1.5.9-x86-mingw32)
    pg (0.15.1)
    pg (0.15.1-x86-mingw32)
    rack (1.5.2)
    rack-protection (1.3.2)
      rack
    sinatra (1.3.5)
      rack (~> 1.4)
      rack-protection (~> 1.3)
      tilt (~> 1.3, >= 1.3.3)
    tilt (1.3.6)

PLATFORMS
  ruby
  x86-mingw32

DEPENDENCIES
  nokogiri
  pg
  sinatra
